GEM
  remote: https://ruby.taobao.org/
  specs:
    coderay (1.1.0)
    generator (0.0.1)
    method_source (0.8.2)
    pry (0.10.1)
      coderay (~> 1.1.0)
      method_source (~> 0.8.1)
      slop (~> 3.4)
    slop (3.6.0)
    thor (0.19.1)

PLATFORMS
  ruby

DEPENDENCIES
  generator
  pry
  thor
